GIT
  remote: git://github.com/rightscale/right_scraper.git
  revision: 2bfcf518b409b0285e9e1ff9d67a39153477baae
  specs:
    right_scraper (3.0.0)
      curb (>= 0.7.7.1)
      git (>= 1.2.5)
      json (>= 1.4.5)
      libarchive (>= 0.1.1)
      process_watcher (~> 0.3)
      right_aws (>= 2.0)

GIT
  remote: git@github.com:rightscale/right_agent.git
  revision: ce13d241fbebadd417d5df8b81858ceb04a99839
  branch: azure_28_edit_recipe_on_instance
  specs:
    right_agent (0.4.9)
      amqp (= 0.6.7)
      eventmachine (~> 0.12.10)
      json (>= 1.4.4, <= 1.4.6)
      msgpack (= 0.4.4)
      right_popen (~> 1.0.11)
      right_support

GEM
  remote: https://s3.amazonaws.com/rightscale_rightlink_gems_dev/
  remote: http://rubygems.org/
  specs:
    abstract (1.0.0)
    amqp (0.6.7)
      eventmachine (>= 0.12.4)
    bunny (0.6.0)
    chef (0.9.14.3)
      bunny (>= 0.6.0)
      erubis
      extlib
      highline
      json (>= 1.4.4, <= 1.4.6)
      mixlib-authentication (>= 1.1.0)
      mixlib-cli (>= 1.1.0)
      mixlib-config (>= 1.1.2)
      mixlib-log (>= 1.2.0)
      moneta
      ohai (>= 0.5.7)
      rest-client (>= 1.0.4, < 1.7.0)
      uuidtools
    curb (0.7.15)
    erubis (2.6.5)
      abstract (>= 1.0.0)
    eventmachine (0.12.11.5)
    extlib (0.9.14)
    flexmock (0.9.0)
    git (1.2.5)
    highline (1.6.1)
    hoe (2.3.3)
      rake (>= 0.8.7)
      rubyforge (>= 1.0.4)
    json (1.4.6)
    libarchive (0.1.2)
    mime-types (1.16)
    mixlib-authentication (1.1.2)
      mixlib-log
    mixlib-cli (1.2.0)
    mixlib-config (1.1.2)
    mixlib-log (1.2.0)
    moneta (0.6.0)
    msgpack (0.4.4)
    ohai (0.5.8)
      extlib
      json (>= 1.4.4, <= 1.4.6)
      mixlib-cli
      mixlib-config
      mixlib-log
      systemu
    process_watcher (0.4)
    rake (0.8.7)
    rest-client (1.6.3)
      mime-types (>= 1.16)
    right_aws (2.1.0)
      right_http_connection (>= 1.2.5)
    right_http_connection (1.3.0)
    right_popen (1.0.16)
      eventmachine (>= 0.12.10)
    right_support (0.9.9)
    rspec (1.3.2)
    ruby-openid (2.1.8)
    rubyforge (1.0.4)
    stomp (1.1)
    systemu (1.2.0)
    uuidtools (2.1.2)

PLATFORMS
  ruby

DEPENDENCIES
  abstract (= 1.0.0)
  amqp (= 0.6.7)
  bunny (= 0.6.0)
  chef (= 0.9.14.3)
  erubis (= 2.6.5)
  eventmachine (= 0.12.11.5)
  extlib (= 0.9.14)
  flexmock (~> 0.8)
  highline (= 1.6.1)
  hoe (= 2.3.3)
  mime-types (= 1.16)
  mixlib-authentication (= 1.1.2)
  mixlib-cli (= 1.2.0)
  mixlib-config (= 1.1.2)
  mixlib-log (= 1.2.0)
  moneta (= 0.6.0)
  ohai (= 0.5.8)
  process_watcher (= 0.4)
  rake (= 0.8.7)
  rest-client (= 1.6.3)
  right_agent!
  right_http_connection (~> 1.3.0)
  right_popen (= 1.0.16)
  right_scraper!
  right_support (~> 0.9)
  rspec (~> 1.3)
  ruby-openid (= 2.1.8)
  ruby-wmi (= 0.2.2)
  rubyforge (= 1.0.4)
  stomp (= 1.1)
  systemu (= 1.2.0)
  uuidtools (= 2.1.2)
  win32-api (= 1.4.5)
  win32-dir (= 0.3.5)
  win32-eventlog (= 0.5.2)
  win32-open3 (= 0.3.2)
  win32-pipe (= 0.2.1)
  win32-process (= 0.6.1)
  win32console (~> 1.3.0)
  windows-api (= 0.4.0)
  windows-pr (= 1.0.8)
