GIT
  remote: https://github.com/rightscale/right_agent.git
  revision: 73fd8615b2135ed8ebdd3a6ff48020656626aa16
  branch: master
  specs:
    right_agent (1.0.1)
      eventmachine (>= 0.12.10, < 2.0)
      ffi
      json (~> 1.4)
      msgpack (>= 0.4.4, < 0.6)
      net-ssh (~> 2.0)
      right_amqp (~> 0.7)
      right_support (>= 2.4.1, < 3.0)

PATH
  remote: .
  specs:
    right_link (6.0.0)
      chef (>= 0.10.10)
      encryptor (~> 1.1)
      extlib (~> 0.9.15)
      right_agent (~> 1.0)
      right_git
      right_http_connection (~> 1.3)
      right_popen (~> 2.0)
      right_scraper (~> 4.0)
      right_support (~> 2.0)
      trollop

GEM
  remote: http://s3.amazonaws.com/rightscale_rightlink_gems_dev/
  remote: https://rubygems.org/
  specs:
    chef (11.6.0.2)
      erubis
      highline
      highline (>= 1.6.9)
      json (>= 1.4.4, <= 1.7.7)
      mixlib-authentication (>= 1.3.0)
      mixlib-cli (~> 1.3.0)
      mixlib-config (>= 1.1.2)
      mixlib-log (>= 1.3.0)
      mixlib-shellout
      moneta
      net-ssh (~> 2.6)
      net-ssh-multi (~> 1.1.0)
      ohai (>= 0.6.0)
      rest-client (>= 1.0.4, < 1.7.0)
      right_popen (~> 2.0)
      uuidtools
      yajl-ruby (~> 1.1)
    columnize (0.3.6)
    debugger (1.6.2)
      columnize (>= 0.3.1)
      debugger-linecache (~> 1.2.0)
      debugger-ruby_core_source (~> 1.2.3)
    debugger-linecache (1.2.0)
    debugger-ruby_core_source (1.2.3)
    encryptor (1.1.3)
    erubis (2.7.0)
    eventmachine (1.0.0.4)
    eventmachine (1.0.0.4-x86-mingw32)
    extlib (0.9.16)
    ffi (1.3.1)
    ffi (1.3.1-x86-mingw32)
    flexmock (0.9.0)
    highline (1.6.19)
    ip (0.3.0)
    ipaddress (0.8.0)
    json (1.7.7)
    linecache (0.46)
      rbx-require-relative (> 0.0.4)
    mime-types (1.25)
    mixlib-authentication (1.3.0)
      mixlib-log
    mixlib-cli (1.3.0)
    mixlib-config (2.0.0)
    mixlib-log (1.6.0)
    mixlib-shellout (1.2.0.2)
      right_popen (~> 2.0)
    moneta (0.7.20)
    msgpack (0.5.6)
    net-ssh (2.7.0)
    net-ssh-gateway (1.2.0)
      net-ssh (>= 2.6.5)
    net-ssh-multi (1.1)
      net-ssh (>= 2.1.4)
      net-ssh-gateway (>= 0.99.0)
    ohai (6.18.0.2)
      eventmachine (>= 1.0.0)
      ipaddress
      mixlib-cli
      mixlib-config
      mixlib-log
      right_popen (~> 2.0)
      systemu
      yajl-ruby
    rake (0.8.7)
    rb-readline (0.5.0)
    rbx-require-relative (0.0.9)
    rcov (0.8.1.2.0)
    rdp-ruby-wmi (0.3.1)
    rest-client (1.6.7)
      mime-types (>= 1.16)
    right_amqp (0.7.0)
      eventmachine (>= 0.12.10, < 2.0)
      right_support (>= 1.2, < 3.0)
    right_aws (3.1.0)
      right_http_connection (>= 1.2.5)
    right_git (0.0.1)
    right_http_connection (1.4.0)
    right_popen (2.0.2)
    right_popen (2.0.2-x86-mingw32)
    right_scraper (4.0.0)
      json (~> 1.4)
      right_aws (>= 2.0)
      right_git
      right_popen (~> 2.0)
      right_support (~> 2.6)
    right_support (2.8.3)
    rspec (1.3.2)
    ruby-debug (0.10.4)
      columnize (>= 0.1)
      ruby-debug-base (~> 0.10.4.0)
    ruby-debug-base (0.10.4)
      linecache (>= 0.3)
    rubyforge (1.0.4)
    systemu (2.5.2)
    trollop (2.0)
    uuidtools (2.1.4)
    win32-api (1.4.8-x86-mingw32)
    win32-dir (0.4.6)
      ffi (>= 1.0.0)
    win32-event (0.6.1)
      win32-ipc (>= 0.6.0)
    win32-ipc (0.6.1)
      ffi
    win32-mmap (0.4.0)
      ffi
    win32-mutex (0.4.1)
      win32-ipc (>= 0.6.0)
    win32-pipe (0.3.3)
      ffi
    win32-process (0.7.3)
      ffi (>= 1.0.0)
    win32-service (0.8.2)
      ffi
    windows-api (0.4.2)
      win32-api (>= 1.4.5)
    windows-pr (1.2.2)
      win32-api (>= 1.4.5)
      windows-api (>= 0.3.0)
    yajl-ruby (1.1.0)
    yajl-ruby (1.1.0-x86-mingw32)

PLATFORMS
  ruby
  x86-mingw32

DEPENDENCIES
  chef (= 11.6.0.2)
  debugger (~> 1.6.1)
  eventmachine (~> 1.0.0.4)
  ffi (= 1.3.1)
  flexmock (~> 0.9)
  ip
  mixlib-authentication (>= 1.3.0)
  mixlib-shellout (= 1.2.0.2)
  ohai (= 6.18.0.2)
  rake (= 0.8.7)
  rb-readline (~> 0.5.0)
  rcov (~> 0.8.1)
  rdp-ruby-wmi
  right_agent (~> 1.0)!
  right_amqp (~> 0.7)
  right_git
  right_link!
  right_popen (~> 2.0)
  right_scraper (~> 4.0)
  right_support (~> 2.7)
  rspec (~> 1.3)
  ruby-debug
  rubyforge (= 1.0.4)
  win32-api (= 1.4.8)
  win32-dir (= 0.4.6)
  win32-event (= 0.6.1)
  win32-mmap (= 0.4.0)
  win32-mutex (= 0.4.1)
  win32-pipe
  win32-process (= 0.7.3)
  win32-service (= 0.8.2)
  windows-api (= 0.4.2)
  windows-pr (= 1.2.2)
